PATH
  remote: .
  specs:
    mongoid-virtual_multi_parameter_attributes (0.0.1)
      mongoid (~> 2.3.4)

GEM
  remote: http://rubygems.org/
  specs:
    activemodel (3.1.3)
      activesupport (= 3.1.3)
      builder (~> 3.0.0)
      i18n (~> 0.6)
    activesupport (3.1.3)
      multi_json (~> 1.0)
    archive-tar-minitar (0.5.2)
    bson (1.5.1)
    bson_ext (1.5.1)
    builder (3.0.0)
    columnize (0.3.5)
    diff-lcs (1.1.3)
    i18n (0.6.0)
    linecache19 (0.5.12)
      ruby_core_source (>= 0.1.4)
    mongo (1.5.1)
      bson (= 1.5.1)
    mongoid (2.3.4)
      activemodel (~> 3.1)
      mongo (~> 1.3)
      tzinfo (~> 0.3.22)
    multi_json (1.0.4)
    rake (0.9.2.2)
    rspec (2.6.0)
      rspec-core (~> 2.6.0)
      rspec-expectations (~> 2.6.0)
      rspec-mocks (~> 2.6.0)
    rspec-core (2.6.4)
    rspec-expectations (2.6.0)
      diff-lcs (~> 1.1.2)
    rspec-mocks (2.6.0)
    ruby-debug-base19 (0.11.25)
      columnize (>= 0.3.1)
      linecache19 (>= 0.5.11)
      ruby_core_source (>= 0.1.4)
    ruby-debug19 (0.11.6)
      columnize (>= 0.3.1)
      linecache19 (>= 0.5.11)
      ruby-debug-base19 (>= 0.11.19)
    ruby_core_source (0.1.5)
      archive-tar-minitar (>= 0.5.2)
    tzinfo (0.3.31)

PLATFORMS
  ruby

DEPENDENCIES
  bson_ext (>= 1.3)
  mongoid-virtual_multi_parameter_attributes!
  rake (~> 0.9)
  rspec (~> 2.6)
  ruby-debug19
